GEM
  remote: https://rubygems.org/
  specs:
    minitest (5.10.1)
    puma (3.8.2)
    rack (2.0.1)

PLATFORMS
  ruby

DEPENDENCIES
  minitest (~> 5.10)
  puma (~> 3.8)
  rack (~> 2.0)

BUNDLED WITH
   1.14.6
